GEM
  remote: https://rubygems.org/
  specs:
    timezone_finder (1.5.7)

PLATFORMS
  ruby

DEPENDENCIES
  timezone_finder

BUNDLED WITH
   1.17.3
